GEM
  remote: http://rubygems.org/
  specs:
    activesupport (5.0.1)
      concurrent-ruby (~> 1.0, >= 1.0.2)
      i18n (~> 0.7)
      minitest (~> 5.1)
      tzinfo (~> 1.1)
    addressable (2.5.1)
      public_suffix (~> 2.0, >= 2.0.2)
    amq-protocol (2.1.0)
    archive-tar-minitar (0.5.2)
    awesome_print (1.7.0)
    browserstack-screenshot (0.0.2)
      yajl-ruby (= 1.1.0)
    bson (1.12.5)
    bson_ext (1.12.5)
      bson (~> 1.12.5)
    builder (3.0.0)
    bunny (1.2.1)
      amq-protocol (>= 1.9.2)
    calabash-android (0.4.6)
      awesome_print
      cucumber
      json
      retriable
      rubyzip
      slowhandcuke
    childprocess (0.5.8)
      ffi (~> 1.0, >= 1.0.11)
    columnize (0.9.0)
    concurrent-ruby (1.0.5)
    crack (0.1.8)
    cucumber (2.3.3)
      builder (>= 2.1.2)
      cucumber-core (~> 1.4.0)
      cucumber-wire (~> 0.0.1)
      diff-lcs (>= 1.1.3)
      gherkin (~> 3.2.0)
      multi_json (>= 1.7.5, < 2.0)
      multi_test (>= 0.1.2)
    cucumber-core (1.4.0)
      gherkin (~> 3.2.0)
    cucumber-wire (0.0.1)
    data_magic (1.0)
      faker (>= 1.1.2)
      yml_reader (>= 0.6)
    debase (0.2.1)
      debase-ruby_core_source
    debase-ruby_core_source (0.9.6)
    diff-lcs (1.3)
    domain_name (0.5.20170404)
      unf (>= 0.0.5, < 1.0.0)
    faker (1.7.3)
      i18n (~> 0.5)
    ffi (1.9.18)
    ffi (1.9.18-x86-mingw32)
    gherkin (3.2.0)
    hashie (3.5.5)
    hoe (3.16.0)
      rake (>= 0.8, < 13.0)
    http-cookie (1.0.3)
      domain_name (~> 0.5)
    httparty (0.14.0)
      multi_xml (>= 0.5.2)
    httpclient (2.8.3)
    i18n (0.8.0)
    jiralicious (0.4.3)
      crack (~> 0.1.8)
      hashie (>= 1.1)
      httparty (>= 0.10)
      json (>= 1.6, < 1.9.0)
      nokogiri
      oauth
    json (1.8.6)
    json_pure (2.0.2)
    libwebsocket (0.1.8)
      addressable
      websocket
    mail (2.6.3)
      mime-types (>= 1.16, < 3)
    mime (0.4.3)
    mime-types (2.6.2)
    mini_magick (3.5.0)
      subexec (~> 0.2.1)
    mini_portile2 (2.1.0)
    minitest (5.4.3)
    mongo (1.12.5)
      bson (= 1.12.5)
    multi_json (1.12.1)
    multi_test (0.1.2)
    multi_xml (0.5.5)
    net-http-persistent (2.9.4)
    netrc (0.11.0)
    nokogiri (1.7.0.1)
      mini_portile2 (~> 2.1.0)
    nokogiri (1.7.0.1-x86-mingw32)
      mini_portile2 (~> 2.1.0)
    oauth (0.5.1)
    page-object (1.2.0)
      page_navigation (>= 0.9)
      selenium-webdriver (>= 2.44.0)
      watir-webdriver (>= 0.6.11)
    page_navigation (0.10)
      data_magic (>= 0.22)
    polyglot (0.3.5)
    power_assert (1.0.2)
    public_suffix (2.0.5)
    rake (12.0.0)
    rautomation (0.17.0)
      ffi (~> 1.9.0)
    rbx-require-relative (0.0.9)
    rdiscount (2.2.0)
    redcard (1.1.0)
    responsalizr (1.0.2)
    rest-client (2.0.0)
      http-cookie (>= 1.0.2, < 2.0)
      mime-types (>= 1.16, < 4.0)
      netrc (~> 0.8)
    rest-client (2.0.0-x86-mingw32)
      ffi (~> 1.9)
      http-cookie (>= 1.0.2, < 2.0)
      mime-types (>= 1.16, < 4.0)
      netrc (~> 0.8)
    retriable (2.0.0)
    rspec (3.5.0)
      rspec-core (~> 3.5.0)
      rspec-expectations (~> 3.5.0)
      rspec-mocks (~> 3.5.0)
    rspec-core (3.5.4)
      rspec-support (~> 3.5.0)
    rspec-expectations (3.5.0)
      diff-lcs (>= 1.2.0, < 2.0)
      rspec-support (~> 3.5.0)
    rspec-mocks (3.5.0)
      diff-lcs (>= 1.2.0, < 2.0)
      rspec-support (~> 3.5.0)
    rspec-support (3.5.0)
    ruby-debug-ide (0.6.0)
      rake (>= 0.8.1)
    ruby-gmail (0.3.1)
      mail (>= 2.2.1)
      mime (>= 0.1)
      shared-mime-info
    ruby_core_source (0.1.5)
      archive-tar-minitar (>= 0.5.2)
    rubysl-win32ole (0.0.1)
      redcard (~> 1.0)
    rubyzip (1.2.1)
    s4t-utils (1.0.4)
      hoe (>= 1.3.0)
    selenium-webdriver (3.0.5)
      childprocess (~> 0.5)
      rubyzip (~> 1.0)
      websocket (~> 1.0)
    shared-mime-info (0.2.5)
    slowhandcuke (0.0.3)
      cucumber
    soap4r-ruby1.9 (2.0.5)
    subexec (0.2.3)
    syntax (1.2.1)
    term-ansicolor (1.3.0)
      tins (~> 1.0)
    test-unit (3.2.3)
      power_assert
    thread_safe (0.3.6)
    tins (1.13.2)
    tiny_tds (1.0.5)
      mini_portile2 (~> 2.0)
    tiny_tds (1.0.5-x86-mingw32)
      mini_portile2 (~> 2.0)
    treetop (1.6.8)
      polyglot (~> 0.3)
    tzinfo (1.1.0)
      thread_safe (~> 0.1)
    tzinfo-data (1.2017.2)
      tzinfo (>= 1.0.0)
    unf (0.1.4)
      unf_ext
    unf_ext (0.0.7.4)
    unf_ext (0.0.7.4-x86-mingw32)
    watir-webdriver (0.9.9)
      selenium-webdriver (>= 2.46.2)
    websocket (1.2.4)
    win32-api (1.6.0-universal-mingw32)
    win32-process (0.7.4)
      ffi (>= 1.0.0)
    win32screenshot (1.0.10)
      ffi (~> 1.0)
      mini_magick (~> 3.5.0)
      rautomation (~> 0.7)
    windows-api (0.4.4)
      win32-api (>= 1.4.5)
    windows-pr (1.2.6)
      win32-api (>= 1.4.5)
      windows-api (>= 0.4.0)
    xml-simple (1.1.5)
    yajl-ruby (1.1.0)
    yajl-ruby (1.1.0-x86-mingw32)
    yard (0.8.7.6)
    yard-cucumber2 (2.3.4)
      cucumber (>= 1.3.0)
      gherkin (>= 2.12)
      yard (>= 0.8.1)
    yml_reader (0.7)
    zip-zip (0.3)
      rubyzip (>= 1.0.0)

PLATFORMS
  ruby
  x86-mingw32

DEPENDENCIES
  activesupport (= 5.0.1)
  archive-tar-minitar (= 0.5.2)
  browserstack-screenshot (= 0.0.2)
  bson (= 1.12.5)
  bson_ext (= 1.12.5)
  builder (= 3.0.0)
  bunny (= 1.2.1)
  calabash-android (= 0.4.6)
  childprocess (= 0.5.8)
  columnize (= 0.9.0)
  cucumber (= 2.3.3)
  debase (= 0.2.1)
  debase-ruby_core_source (= 0.9.6)
  gherkin (= 3.2.0)
  hoe (= 3.16.0)
  httparty (= 0.14.0)
  httpclient (= 2.8.3)
  i18n (= 0.8.0)
  jiralicious (= 0.4.3)
  json (= 1.8.6)
  json_pure (= 2.0.2)
  libwebsocket (= 0.1.8)
  mail (= 2.6.3)
  mime-types (= 2.6.2)
  mini_magick (= 3.5.0)
  minitest (= 5.4.3)
  mongo (= 1.12.5)
  multi_json (>= 1.7.5, < 2.0)
  multi_xml (= 0.5.5)
  net-http-persistent (= 2.9.4)
  nokogiri (= 1.7.0.1)
  page-object (= 1.2.0)
  polyglot (= 0.3.5)
  rake (= 12.0.0)
  rautomation (= 0.17.0)
  rbx-require-relative (= 0.0.9)
  rdiscount (= 2.2.0)
  responsalizr (= 1.0.2)
  rest-client (= 2.0.0)
  retriable (= 2.0.0)
  rspec (= 3.5.0)
  rspec-core (= 3.5.4)
  rspec-expectations (= 3.5.0)
  rspec-mocks (= 3.5.0)
  ruby-debug-ide (= 0.6.0)
  ruby-gmail (~> 0.3.1)
  ruby_core_source (= 0.1.5)
  rubysl-win32ole (= 0.0.1)
  s4t-utils (= 1.0.4)
  selenium-webdriver (= 3.0.5)
  soap4r-ruby1.9 (= 2.0.5)
  subexec (= 0.2.3)
  syntax (= 1.2.1)
  term-ansicolor (= 1.3.0)
  test-unit (= 3.2.3)
  tiny_tds (= 1.0.5)
  treetop (= 1.6.8)
  tzinfo (= 1.1.0)
  tzinfo-data (~> 1.2015, >= 1.2015.7)
  watir-webdriver (= 0.9.9)
  win32-api (= 1.6.0)
  win32-process (= 0.7.4)
  win32screenshot (= 1.0.10)
  windows-api (= 0.4.4)
  windows-pr (= 1.2.6)
  xml-simple (= 1.1.5)
  yard (= 0.8.7.6)
  yard-cucumber2 (= 2.3.4)
  zip-zip (= 0.3)

RUBY VERSION
   ruby 2.2.6p396

BUNDLED WITH
   1.14.4
